GEM
  remote: http://rubygems.org/
  specs:
    RubySunrise (0.3.1)
      tzinfo
    activesupport (4.2.3)
      i18n (~> 0.7)
      json (~> 1.7, >= 1.7.7)
      minitest (~> 5.1)
      thread_safe (~> 0.3, >= 0.3.4)
      tzinfo (~> 1.1)
    addressable (2.8.0)
      public_suffix (>= 2.0.2, < 5.0)
    colorize (0.7.7)
    concurrent-ruby (1.1.10)
    fastimage (1.7.0)
      addressable (~> 2.3, >= 2.3.5)
    hello_server_client (0.1.1)
      ohm
      ohm-contrib
    hiredis (0.6.0)
    i18n (0.9.5)
      concurrent-ruby (~> 1.0)
    json (1.8.3)
    minitest (5.7.0)
    msgpack (0.5.12)
    nido (0.0.1)
    ohm (2.2.1)
      msgpack (~> 0.5.0)
      nido
      redic
      stal
    ohm-contrib (2.2.0)
      ohm (~> 2.2)
    public_suffix (4.0.6)
    redic (1.5.0)
      hiredis
    stal (0.1.0)
      redic
    thread_safe (0.3.5)
    tzinfo (1.2.2)
      thread_safe (~> 0.1)
    xxhash (0.3.0)

PLATFORMS
  ruby

DEPENDENCIES
  RubySunrise
  activesupport
  colorize
  fastimage
  hello_server_client
  tzinfo
  xxhash
