GEM
  remote: http://rubygems.org/
  specs:
    RubySunrise (0.3.1)
      tzinfo
    activesupport (6.0.6.1)
      concurrent-ruby (~> 1.0, >= 1.0.2)
      i18n (>= 0.7, < 2)
      minitest (~> 5.1)
      tzinfo (~> 1.1)
      zeitwerk (~> 2.2, >= 2.2.2)
    addressable (2.8.0)
      public_suffix (>= 2.0.2, < 5.0)
    colorize (0.7.7)
    concurrent-ruby (1.2.0)
    fastimage (1.7.0)
      addressable (~> 2.3, >= 2.3.5)
    hello_server_client (0.1.1)
      ohm
      ohm-contrib
    hiredis (0.6.0)
    i18n (1.12.0)
      concurrent-ruby (~> 1.0)
    minitest (5.17.0)
    msgpack (0.5.12)
    nido (0.0.1)
    ohm (2.2.1)
      msgpack (~> 0.5.0)
      nido
      redic
      stal
    ohm-contrib (2.2.0)
      ohm (~> 2.2)
    public_suffix (4.0.6)
    redic (1.5.0)
      hiredis
    stal (0.1.0)
      redic
    thread_safe (0.3.6)
    tzinfo (1.2.2)
      thread_safe (~> 0.1)
    xxhash (0.3.0)
    zeitwerk (2.6.6)

PLATFORMS
  ruby

DEPENDENCIES
  RubySunrise
  activesupport
  colorize
  fastimage
  hello_server_client
  tzinfo
  xxhash
